GEM
  remote: https://rubygems.org/
  specs:
    json (1.8.2)
    notepadqq_api (0.1.4)
      json (~> 1.8)

PLATFORMS
  ruby

DEPENDENCIES
  notepadqq_api (~> 0.1)
